GEM
  remote: https://rubygems.org/
  specs:
    activesupport (7.0.4)
      concurrent-ruby (~> 1.0, >= 1.0.2)
      i18n (>= 1.6, < 2)
      minitest (>= 5.1)
      tzinfo (~> 2.0)
    addressable (2.8.1)
      public_suffix (>= 2.0.2, < 6.0)
    airbrussh (1.4.1)
      sshkit (>= 1.6.1, != 1.7.0)
    better_errors (2.9.1)
      coderay (>= 1.0.0)
      erubi (>= 1.0.0)
      rack (>= 0.9.0)
    capistrano (3.17.1)
      airbrussh (>= 1.0.0)
      i18n
      rake (>= 10.0.0)
      sshkit (>= 1.9.0)
    capistrano-bundler (2.1.0)
      capistrano (~> 3.1)
    coderay (1.1.3)
    concurrent-ruby (1.1.10)
    content_disposition (1.0.0)
    daemons (1.4.1)
    diff-lcs (1.5.0)
    docile (1.4.0)
    down (5.3.1)
      addressable (~> 2.8)
    erubi (1.11.0)
    eventmachine (1.2.7)
    factory_girl (4.9.0)
      activesupport (>= 3.0.0)
    ffi (1.15.5)
    fortitude (0.9.6)
      activesupport (>= 3.0)
      ref (>= 1.0.5)
    i18n (1.12.0)
      concurrent-ruby (~> 1.0)
    listen (3.7.1)
      rb-fsevent (~> 0.10, >= 0.10.3)
      rb-inotify (~> 0.9, >= 0.9.10)
    minitest (5.16.3)
    net-scp (4.0.0)
      net-ssh (>= 2.6.5, < 8.0.0)
    net-ssh (7.0.1)
    pg (1.4.5)
    public_suffix (5.0.1)
    rack (2.2.4)
    rack-test (2.0.2)
      rack (>= 1.3)
    rack_csrf (2.7.0)
      rack (>= 1.1.0)
    rake (13.0.6)
    rb-fsevent (0.11.2)
    rb-inotify (0.10.1)
      ffi (~> 1.0)
    ref (2.0.0)
    rerun (0.13.1)
      listen (~> 3.0)
    roda (3.62.0)
      rack
    roda-basic-auth (0.1.1)
      roda (>= 2.0, < 4.0)
    rspec (3.12.0)
      rspec-core (~> 3.12.0)
      rspec-expectations (~> 3.12.0)
      rspec-mocks (~> 3.12.0)
    rspec-core (3.12.0)
      rspec-support (~> 3.12.0)
    rspec-expectations (3.12.0)
      diff-lcs (>= 1.2.0, < 2.0)
      rspec-support (~> 3.12.0)
    rspec-mocks (3.12.1)
      diff-lcs (>= 1.2.0, < 2.0)
      rspec-support (~> 3.12.0)
    rspec-support (3.12.0)
    ruby-mp3info (0.8.10)
    rvm1-capistrano3 (1.4.0)
      capistrano (~> 3.0)
      sshkit (>= 1.2)
    sequel (5.63.0)
    sequel_pg (1.17.0)
      pg (>= 0.18.0, != 1.2.0)
      sequel (>= 4.38.0)
    shrine (3.4.0)
      content_disposition (~> 1.0)
      down (~> 5.1)
    simplecov (0.21.2)
      docile (~> 1.1)
      simplecov-html (~> 0.11)
      simplecov_json_formatter (~> 0.1)
    simplecov-html (0.12.3)
    simplecov_json_formatter (0.1.4)
    sshkit (1.21.3)
      net-scp (>= 1.1.2)
      net-ssh (>= 2.8.0)
    thin (1.8.1)
      daemons (~> 1.0, >= 1.0.9)
      eventmachine (~> 1.0, >= 1.0.4)
      rack (>= 1, < 3)
    tzinfo (2.0.5)
      concurrent-ruby (~> 1.0)

PLATFORMS
  ruby

DEPENDENCIES
  better_errors
  capistrano
  capistrano-bundler
  factory_girl
  fortitude
  rack-test
  rack_csrf
  rake
  rerun
  roda
  roda-basic-auth
  rspec
  ruby-mp3info
  rvm1-capistrano3
  sequel
  sequel_pg
  shrine
  simplecov
  thin

BUNDLED WITH
   2.1.4
