GEM
  remote: https://rubygems.org/
  specs:
    activesupport (4.2.6)
      i18n (~> 0.7)
      json (~> 1.7, >= 1.7.7)
      minitest (~> 5.1)
      thread_safe (~> 0.3, >= 0.3.4)
      tzinfo (~> 1.1)
    daemons (1.2.3)
    diff-lcs (1.2.5)
    docile (1.1.5)
    eventmachine (1.2.0.1)
    factory_girl (4.7.0)
      activesupport (>= 3.0.0)
    fortitude (0.9.4)
      activesupport (>= 3.0)
      ref (>= 1.0.5)
    i18n (0.7.0)
    json (1.8.3)
    minitest (5.8.4)
    pg (0.18.4)
    rack (1.6.4)
    rack-unreloader (1.5.0)
    rack_csrf (2.5.0)
      rack (>= 1.1.0)
    ref (2.0.0)
    roda (2.13.0)
      rack
    rspec (3.4.0)
      rspec-core (~> 3.4.0)
      rspec-expectations (~> 3.4.0)
      rspec-mocks (~> 3.4.0)
    rspec-core (3.4.4)
      rspec-support (~> 3.4.0)
    rspec-expectations (3.4.0)
      diff-lcs (>= 1.2.0, < 2.0)
      rspec-support (~> 3.4.0)
    rspec-mocks (3.4.1)
      diff-lcs (>= 1.2.0, < 2.0)
      rspec-support (~> 3.4.0)
    rspec-support (3.4.1)
    sequel (4.33.0)
    sequel_pg (1.6.16)
      pg (>= 0.8.0)
      sequel (>= 4.0.0)
    simplecov (0.11.2)
      docile (~> 1.1.0)
      json (~> 1.8)
      simplecov-html (~> 0.10.0)
    simplecov-html (0.10.0)
    thin (1.6.4)
      daemons (~> 1.0, >= 1.0.9)
      eventmachine (~> 1.0, >= 1.0.4)
      rack (~> 1.0)
    thread_safe (0.3.5)
    tilt (2.0.2)
    tzinfo (1.2.2)
      thread_safe (~> 0.1)

PLATFORMS
  ruby

DEPENDENCIES
  factory_girl
  fortitude
  rack-unreloader
  rack_csrf
  roda
  rspec
  sequel
  sequel_pg
  simplecov
  thin
  tilt

BUNDLED WITH
   1.12.2
